GEM
  remote: http://rubygems.org/
  specs:
    haml (3.1.4)
    httparty (0.8.3)
      multi_json (~> 1.0)
      multi_xml
    marky_markov (0.3.4)
      ox (~> 1.4)
    multi_json (1.3.4)
    multi_xml (0.5.0)
    nokogiri (1.5.5)
    ox (1.5.8)
    rack (1.4.1)
    rack-protection (1.2.0)
      rack
    rake (0.9.2.2)
    sanitize (2.0.3)
      nokogiri (>= 1.4.4, < 1.6)
    sinatra (1.3.2)
      rack (~> 1.3, >= 1.3.6)
      rack-protection (~> 1.2)
      tilt (~> 1.3, >= 1.3.3)
    tilt (1.3.3)

PLATFORMS
  ruby

DEPENDENCIES
  haml
  httparty
  marky_markov
  rake
  sanitize
  sinatra
